GEM
  remote: http://rubygems.org/
  specs:
    activesupport (5.0.0.1)
      concurrent-ruby (~> 1.0, >= 1.0.2)
      i18n (~> 0.7)
      minitest (~> 5.1)
      tzinfo (~> 1.1)
    concurrent-ruby (1.0.2)
    gocd (0.5)
      activesupport
      json
    i18n (0.7.0)
    json (2.0.2)
    minitest (5.10.1)
    thread_safe (0.3.5)
    tzinfo (1.2.2)
      thread_safe (~> 0.1)

PLATFORMS
  ruby

DEPENDENCIES
  gocd (~> 0.5)

BUNDLED WITH
   1.13.1
